GEM
  remote: https://rubygems.org/
  remote: http://chikachow.org/gems/
  specs:
    mime-types (1.23)
    rake (10.1.0)
    rest-client (1.6.7)
      mime-types (>= 1.16)
    stcoverage (0.1.0)
    stcoveralls (0.1.0)
      rest-client

PLATFORMS
  ruby

DEPENDENCIES
  rake
  stcoverage
  stcoveralls
